PATH
  remote: .
  specs:
    yourmom (0.0.3)
      specific_install
      trollop

GEM
  remote: http://rubygems.org/
  specs:
    backports (3.3.1)
    specific_install (0.2.3)
      backports
    trollop (2.0)

PLATFORMS
  ruby

DEPENDENCIES
  specific_install
  trollop
  yourmom!
